GEM
  remote: https://rubygems.org/
  specs:
    cspec (0.1.4)

PLATFORMS
  ruby

DEPENDENCIES
  cspec

BUNDLED WITH
   1.17.2
